PATH
  remote: .
  specs:
    wanikani (0.0.6)
      multi_json (~> 1.8)
      rest-client (~> 1.6)

GEM
  remote: https://rubygems.org/
  specs:
    diff-lcs (1.2.4)
    fakeweb (1.3.0)
    mime-types (1.25)
    multi_json (1.8.2)
    rake (10.0.2)
    rest-client (1.6.7)
      mime-types (>= 1.16)
    rspec (2.14.1)
      rspec-core (~> 2.14.0)
      rspec-expectations (~> 2.14.0)
      rspec-mocks (~> 2.14.0)
    rspec-core (2.14.6)
    rspec-expectations (2.14.3)
      diff-lcs (>= 1.1.3, < 2.0)
    rspec-mocks (2.14.4)

PLATFORMS
  ruby

DEPENDENCIES
  fakeweb (~> 1.3.0)
  rake
  rspec (~> 2.14)
  wanikani!
