PATH
  remote: .
  specs:
    wanikani (0.0.1)
      multi_json (~> 1.5.0)
      rest-client (~> 1.6)

GEM
  remote: https://rubygems.org/
  specs:
    diff-lcs (1.1.3)
    fakeweb (1.3.0)
    mime-types (1.19)
    multi_json (1.5.0)
    rest-client (1.6.7)
      mime-types (>= 1.16)
    rspec (2.12.0)
      rspec-core (~> 2.12.0)
      rspec-expectations (~> 2.12.0)
      rspec-mocks (~> 2.12.0)
    rspec-core (2.12.2)
    rspec-expectations (2.12.1)
      diff-lcs (~> 1.1.3)
    rspec-mocks (2.12.0)

PLATFORMS
  ruby

DEPENDENCIES
  fakeweb (~> 1.3.0)
  rspec (~> 2.12)
  wanikani!
